GEM
  remote: http://rubygems.org/
  specs:
    diff-lcs (1.1.3)
    dogapi (1.8.1)
      json (>= 1.5.1)
    dogstatsd-ruby (1.2.0)
    json (1.8.0)
    multi_json (1.7.9)
    rake (10.1.0)
    redis (3.0.4)
    rspec (2.8.0)
      rspec-core (~> 2.8.0)
      rspec-expectations (~> 2.8.0)
      rspec-mocks (~> 2.8.0)
    rspec-core (2.8.0)
    rspec-expectations (2.8.0)
      diff-lcs (~> 1.1.2)
    rspec-mocks (2.8.0)
    simplecov (0.7.1)
      multi_json (~> 1.0)
      simplecov-html (~> 0.7.1)
    simplecov-html (0.7.1)

PLATFORMS
  ruby

DEPENDENCIES
  bundler (~> 1.0)
  dogapi
  dogstatsd-ruby
  rake
  redis
  rspec (~> 2.8.0)
  simplecov
